PATH
  remote: .
  specs:
    sinatra-export (0.9.3)
      rack
      sinatra
      sinatra-advanced-routes
      term-ansicolor

GEM
  remote: http://rubygems.org/
  specs:
    awesome_print (1.1.0)
    backports (3.0.3)
    columnize (0.3.6)
    debugger (1.3.3)
      columnize (>= 0.3.1)
      debugger-linecache (~> 1.1.1)
      debugger-ruby_core_source (~> 1.2.0)
    debugger-linecache (1.1.2)
      debugger-ruby_core_source (>= 1.1.1)
    debugger-ruby_core_source (1.2.0)
    monkey-lib (0.5.4)
      backports
    rack (1.5.2)
    rack-protection (1.4.0)
      rack
    rack-test (0.6.2)
      rack (>= 1.0)
    rake (10.0.3)
    sinatra (1.3.5)
      rack (~> 1.4)
      rack-protection (~> 1.3)
      tilt (~> 1.3, >= 1.3.3)
    sinatra-advanced-routes (0.5.2)
      monkey-lib (~> 0.5.0)
      sinatra (~> 1.0)
      sinatra-sugar (~> 0.5.0)
    sinatra-sugar (0.5.1)
      monkey-lib (~> 0.5.0)
      sinatra (~> 1.0)
    term-ansicolor (1.0.7)
    test-unit (2.5.4)
    tilt (1.3.4)

PLATFORMS
  ruby

DEPENDENCIES
  awesome_print
  debugger
  rack-test
  rake
  sinatra-export!
  test-unit
