PATH
  remote: .
  specs:
    sinatra-export (1.0.1)
      rack
      rack-test
      rake
      sinatra
      sinatra-advanced-routes
      term-ansicolor

GEM
  remote: https://rubygems.org/
  specs:
    byebug (8.2.1)
    coderay (1.1.0)
    diff-lcs (1.2.5)
    docile (1.1.5)
    fakefs (0.6.7)
    json (1.8.3)
    method_source (0.8.2)
    pry (0.10.3)
      coderay (~> 1.1.0)
      method_source (~> 0.8.1)
      slop (~> 3.4)
    pry-byebug (3.3.0)
      byebug (~> 8.0)
      pry (~> 0.10)
    rack (1.6.4)
    rack-protection (1.5.3)
      rack
    rack-test (0.6.3)
      rack (>= 1.0)
    rake (10.4.2)
    rspec (3.4.0)
      rspec-core (~> 3.4.0)
      rspec-expectations (~> 3.4.0)
      rspec-mocks (~> 3.4.0)
    rspec-core (3.4.1)
      rspec-support (~> 3.4.0)
    rspec-expectations (3.4.0)
      diff-lcs (>= 1.2.0, < 2.0)
      rspec-support (~> 3.4.0)
    rspec-its (1.2.0)
      rspec-core (>= 3.0.0)
      rspec-expectations (>= 3.0.0)
    rspec-mocks (3.4.0)
      diff-lcs (>= 1.2.0, < 2.0)
      rspec-support (~> 3.4.0)
    rspec-support (3.4.1)
    simplecov (0.11.1)
      docile (~> 1.1.0)
      json (~> 1.8)
      simplecov-html (~> 0.10.0)
    simplecov-html (0.10.0)
    sinatra (1.4.6)
      rack (~> 1.4)
      rack-protection (~> 1.4)
      tilt (>= 1.3, < 3)
    sinatra-advanced-routes (0.5.3)
      sinatra (~> 1.0)
    slop (3.6.0)
    term-ansicolor (1.3.2)
      tins (~> 1.0)
    tilt (2.0.1)
    tins (1.8.1)

PLATFORMS
  ruby

DEPENDENCIES
  fakefs
  pry-byebug
  rack-test
  rake
  rspec
  rspec-its
  simplecov
  sinatra-export!

BUNDLED WITH
   1.10.2
