PATH
  remote: .
  specs:
    sinatra-static (0.1.1)
      rack
      sinatra
      sinatra-advanced-routes
      term-ansicolor

GEM
  remote: http://rubygems.org/
  specs:
    awesome_print (1.1.0)
    backports (2.6.5)
    monkey-lib (0.5.4)
      backports
    rack (1.4.1)
    rack-protection (1.2.0)
      rack
    rack-test (0.6.2)
      rack (>= 1.0)
    rake (10.0.2)
    sinatra (1.3.3)
      rack (~> 1.3, >= 1.3.6)
      rack-protection (~> 1.2)
      tilt (~> 1.3, >= 1.3.3)
    sinatra-advanced-routes (0.5.1)
      monkey-lib (~> 0.5.0)
      sinatra (~> 1.0)
      sinatra-sugar (~> 0.5.0)
    sinatra-sugar (0.5.1)
      monkey-lib (~> 0.5.0)
      sinatra (~> 1.0)
    term-ansicolor (1.0.7)
    tilt (1.3.3)

PLATFORMS
  ruby

DEPENDENCIES
  awesome_print
  rack-test
  rake
  sinatra-static!
